{
    "TaskName": "RepFR1",
    "Manufacturer": "n/a",
    "PowerLineFrequency": 60.0,
    "SamplingFrequency": 2048.0,
    "SoftwareFilters": "n/a",
    "RecordingDuration": 2981.9375,
    "RecordingType": "continuous",
    "iEEGReference": "bipolar",
    "ECOGChannelCount": 0,
    "SEEGChannelCount": 232,
    "EEGChannelCount": 0,
    "EOGChannelCount": 0,
    "ECGChannelCount": 0,
    "EMGChannelCount": 0,
    "MiscChannelCount": 0,
    "TriggerChannelCount": 0,
    "TaskDescription": "free recall of word lists with repeated items",
    "HardwareFilters": "n/a",
    "ElectricalStimulation": false
}
